PATH
  remote: .
  specs:
    certmeister-redis (1.2.0)
      certmeister (~> 2.0)
      redis-sentinel (~> 1.4)

GEM
  remote: http://rubygems.org/
  specs:
    certmeister (2.0.0)
    diff-lcs (1.2.5)
    rake (0.9.6)
    redis (3.2.0)
    redis-sentinel (1.5.0)
      redis
    rspec (3.1.0)
      rspec-core (~> 3.1.0)
      rspec-expectations (~> 3.1.0)
      rspec-mocks (~> 3.1.0)
    rspec-core (3.1.7)
      rspec-support (~> 3.1.0)
    rspec-expectations (3.1.2)
      diff-lcs (>= 1.2.0, < 2.0)
      rspec-support (~> 3.1.0)
    rspec-mocks (3.1.3)
      rspec-support (~> 3.1.0)
    rspec-support (3.1.2)

PLATFORMS
  ruby

DEPENDENCIES
  bundler (~> 1.5)
  certmeister-redis!
  rake (~> 0)
  rspec (~> 3.1)
